GIT
  remote: git@github.com:jtopper/keyring.git
  revision: 9f7f0391caea98e6e8ad8d6f5827b7f256f55cc7
  branch: secure_osx_keychain
  specs:
    keyring (0.3.1)
      slop (< 4.0)

PATH
  remote: .
  specs:
    aws_assume_role (0.0.1)
      aws-sdk
      inifile

GEM
  remote: https://rubygems.org/
  specs:
    aws-sdk (2.6.1)
      aws-sdk-resources (= 2.6.1)
    aws-sdk-core (2.6.1)
      jmespath (~> 1.0)
    aws-sdk-resources (2.6.1)
      aws-sdk-core (= 2.6.1)
    diff-lcs (1.2.5)
    inifile (3.0.0)
    jmespath (1.3.1)
    rake (11.2.2)
    rspec (3.5.0)
      rspec-core (~> 3.5.0)
      rspec-expectations (~> 3.5.0)
      rspec-mocks (~> 3.5.0)
    rspec-core (3.5.3)
      rspec-support (~> 3.5.0)
    rspec-expectations (3.5.0)
      diff-lcs (>= 1.2.0, < 2.0)
      rspec-support (~> 3.5.0)
    rspec-mocks (3.5.0)
      diff-lcs (>= 1.2.0, < 2.0)
      rspec-support (~> 3.5.0)
    rspec-support (3.5.0)
    slop (3.6.0)

PLATFORMS
  ruby

DEPENDENCIES
  aws_assume_role!
  bundler
  keyring!
  rake
  rspec

BUNDLED WITH
   1.13.1
