PATH
  remote: .
  specs:
    aws_assume_role (0.0.1)
      aws-sdk
      inifile
      keyring (~> 0.4.0)

GEM
  remote: https://rubygems.org/
  specs:
    ast (2.3.0)
    aws-sdk (2.6.5)
      aws-sdk-resources (= 2.6.5)
    aws-sdk-core (2.6.5)
      jmespath (~> 1.0)
    aws-sdk-resources (2.6.5)
      aws-sdk-core (= 2.6.5)
    corefoundation (0.2.0)
      ffi
    diff-lcs (1.2.5)
    ffi (1.9.14)
    inifile (3.0.0)
    jmespath (1.3.1)
    keyring (0.4.0)
      slop (< 4.0)
    parser (2.3.1.4)
      ast (~> 2.2)
    powerpack (0.1.1)
    rainbow (2.1.0)
    rake (11.3.0)
    rspec (3.5.0)
      rspec-core (~> 3.5.0)
      rspec-expectations (~> 3.5.0)
      rspec-mocks (~> 3.5.0)
    rspec-core (3.5.3)
      rspec-support (~> 3.5.0)
    rspec-expectations (3.5.0)
      diff-lcs (>= 1.2.0, < 2.0)
      rspec-support (~> 3.5.0)
    rspec-mocks (3.5.0)
      diff-lcs (>= 1.2.0, < 2.0)
      rspec-support (~> 3.5.0)
    rspec-support (3.5.0)
    rubocop (0.43.0)
      parser (>= 2.3.1.1, < 3.0)
      powerpack (~> 0.1)
      rainbow (>= 1.99.1, < 3.0)
      ruby-progressbar (~> 1.7)
      unicode-display_width (~> 1.0, >= 1.0.1)
    ruby-keychain (0.3.2)
      corefoundation (~> 0.2.0)
      ffi
    ruby-progressbar (1.8.1)
    slop (3.6.0)
    unicode-display_width (1.1.1)

PLATFORMS
  ruby

DEPENDENCIES
  aws_assume_role!
  bundler
  rake
  rspec
  rubocop
  ruby-keychain (~> 0.3.2)

BUNDLED WITH
   1.13.1
